GEM
  remote: https://rubygems.org/
  specs:
    byebug (10.0.2)
    coderay (1.1.2)
    dotenv (2.5.0)
    httparty (0.16.2)
      multi_xml (>= 0.5.2)
    method_source (0.9.1)
    multi_xml (0.6.0)
    openssl (2.1.2)
    pry (0.12.0)
      coderay (~> 1.1.0)
      method_source (~> 0.9.0)
    pry-byebug (3.6.0)
      byebug (~> 10.0)
      pry (~> 0.10)
    rake (12.3.1)

PLATFORMS
  ruby

DEPENDENCIES
  dotenv
  httparty
  openssl
  pry
  pry-byebug
  rake

BUNDLED WITH
   1.16.1
